GEM
  remote: https://rubygems.org/
  specs:
    em-websocket (0.5.1)
      eventmachine (>= 0.12.9)
      http_parser.rb (~> 0.6.0)
    eventmachine (1.0.7)
    http_parser.rb (0.6.0)
    mini_portile2 (2.1.0)
    nokogiri (1.7.2)
      mini_portile2 (~> 2.1.0)
    nokogiri (1.7.2-x86-mingw32)
      mini_portile2 (~> 2.1.0)
    qtbindings (4.8.6.1)
    qtbindings (4.8.6.1-x86-mingw32)
      qtbindings-qt (= 4.8.6)
    qtbindings-qt (4.8.6-x86-mingw32)
    state_machine (1.2.0)

PLATFORMS
  ruby
  x86-mingw32

DEPENDENCIES
  em-websocket
  nokogiri
  qtbindings
  state_machine
